GEM
  remote: http://rubygems.org/
  specs:
    i18n (0.6.0)
    i18n-js (1.0.2)
      i18n
    newrelic_rpm (3.1.0)
    rack (1.3.0)
    rake (0.9.2)
    shotgun (0.9)
      rack (>= 1.0)

PLATFORMS
  ruby

DEPENDENCIES
  i18n-js
  newrelic_rpm
  rack
  rake
  shotgun
