GEM
  remote: http://rubygems.org/
  specs:
    newrelic_rpm (3.1.0)
    rack (1.3.0)
    rake (0.9.2)
    shotgun (0.9)
      rack (>= 1.0)

PLATFORMS
  ruby

DEPENDENCIES
  newrelic_rpm
  rack
  rake
  shotgun
